PATH
  remote: .
  specs:
    mass_shootings (0.0.3)
      activemodel (~> 4.2)
      nokogiri (~> 1.6)

GEM
  remote: https://rubygems.org/
  specs:
    activemodel (4.2.5)
      activesupport (= 4.2.5)
      builder (~> 3.1)
    activesupport (4.2.5)
      i18n (~> 0.7)
      json (~> 1.7, >= 1.7.7)
      minitest (~> 5.1)
      thread_safe (~> 0.3, >= 0.3.4)
      tzinfo (~> 1.1)
    builder (3.2.2)
    docile (1.1.5)
    i18n (0.7.0)
    json (1.8.3)
    metaclass (0.0.4)
    mini_portile2 (2.0.0)
    minitest (5.8.3)
    mocha (1.1.0)
      metaclass (~> 0.0.1)
    nokogiri (1.6.7)
      mini_portile2 (~> 2.0.0.rc2)
    rake (10.4.2)
    simplecov (0.11.1)
      docile (~> 1.1.0)
      json (~> 1.8)
      simplecov-html (~> 0.10.0)
    simplecov-html (0.10.0)
    thread_safe (0.3.5)
    tzinfo (1.2.2)
      thread_safe (~> 0.1)
    yard (0.8.7.6)

PLATFORMS
  ruby

DEPENDENCIES
  mass_shootings!
  minitest (~> 5.8)
  mocha (~> 1.1)
  rake (~> 10.4)
  simplecov (~> 0.11)
  yard (~> 0.8)

BUNDLED WITH
   1.10.6
